GEM
  remote: http://rubygems.org/
  specs:
    actionpack (4.0.0.beta1)
      activesupport (= 4.0.0.beta1)
      builder (~> 3.1.0)
      erubis (~> 2.7.0)
      rack (~> 1.5.2)
      rack-test (~> 0.6.2)
    activesupport (4.0.0.beta1)
      i18n (~> 0.6.2)
      minitest (~> 4.2)
      multi_json (~> 1.3)
      thread_safe (~> 0.1)
      tzinfo (~> 0.3.33)
    atomic (1.0.1)
    builder (3.1.4)
    diff-lcs (1.1.3)
    erubis (2.7.0)
    git (1.2.5)
    http_accept_language (1.0.2)
    i18n (0.6.4)
    jeweler (1.8.4)
      bundler (~> 1.0)
      git (>= 1.2.5)
      rake
      rdoc
    minitest (4.6.2)
    multi_json (1.6.1)
    rack (1.5.2)
    rack-test (0.6.2)
      rack (>= 1.0)
    rake (10.0.3)
    rdoc (4.0.0)
    rspec (2.12.0)
      rspec-core (~> 2.12.0)
      rspec-expectations (~> 2.12.0)
      rspec-mocks (~> 2.12.0)
    rspec-core (2.12.2)
    rspec-expectations (2.12.1)
      diff-lcs (~> 1.1.3)
    rspec-mocks (2.12.2)
    thread_safe (0.1.0)
      atomic
    timecop (0.5.9.2)
    tzinfo (0.3.36)

PLATFORMS
  ruby

DEPENDENCIES
  actionpack (>= 4.0.0.beta.1)
  activesupport (>= 4.0.0.beta.1)
  bundler (>= 1.2.3)
  http_accept_language
  i18n
  jeweler (~> 1.8.4)
  rack
  rspec (~> 2.12.0)
  timecop
